GEM
  remote: https://rubygems.org/
  specs:
    gosu (0.8.6-x86-mingw32)

PLATFORMS
  x86-mingw32

DEPENDENCIES
  gosu (~> 0.8.6)
